GEM
  remote: https://rubygems.org/
  specs:
    awesome_print (1.1.0)
    mini_portile (0.5.1)
    nokogiri (1.6.0)
      mini_portile (~> 0.5.0)

PLATFORMS
  ruby

DEPENDENCIES
  awesome_print
  nokogiri
